GEM
  remote: https://rubygems.org/
  specs:
    activesupport (4.0.0.rc1)
      i18n (~> 0.6, >= 0.6.4)
      minitest (~> 4.2)
      multi_json (~> 1.3)
      thread_safe (~> 0.1)
      tzinfo (~> 0.3.37)
    atomic (1.1.9)
    coderay (1.0.9)
    columnize (0.3.6)
    debugger (1.6.0)
      columnize (>= 0.3.1)
      debugger-linecache (~> 1.2.0)
      debugger-ruby_core_source (~> 1.2.1)
    debugger-linecache (1.2.0)
    debugger-ruby_core_source (1.2.3)
    i18n (0.6.4)
    method_source (0.8.1)
    minitest (4.7.4)
    multi_json (1.7.4)
    pry (0.9.12.2)
      coderay (~> 1.0.5)
      method_source (~> 0.8)
      slop (~> 3.4)
    pry-debugger (0.2.2)
      debugger (~> 1.3)
      pry (~> 0.9.10)
    slop (3.4.5)
    thread_safe (0.1.0)
      atomic
    tzinfo (0.3.37)

PLATFORMS
  ruby

DEPENDENCIES
  activesupport
  pry
  pry-debugger
